GEM
  remote: https://rubygems.org/
  specs:
    coderay (1.1.3)
    method_source (1.0.0)
    pandoc-ruby (2.1.7)
    pry (0.14.2)
      coderay (~> 1.1)
      method_source (~> 1.0)
    sqlite3 (1.6.0-arm64-darwin)

PLATFORMS
  arm64-darwin-21

DEPENDENCIES
  pandoc-ruby
  pry
  sqlite3

BUNDLED WITH
   2.3.18
